PATH
  remote: .
  specs:
    ssf (0.0.19)
      google-protobuf (~> 3.3)

GEM
  remote: https://rubygems.org/
  specs:
    google-protobuf (3.19.2)
    metaclass (0.0.4)
    minitest (5.8.4)
    mocha (1.1.0)
      metaclass (~> 0.0.1)
    rake (12.3.3)

PLATFORMS
  ruby

DEPENDENCIES
  minitest (= 5.8.4)
  mocha (= 1.1.0)
  rake (= 12.3.3)
  ssf!

BUNDLED WITH
   1.17.1
