PATH
  remote: .
  specs:
    ssf (0.0.9)
      google-protobuf (= 3.3.0)

GEM
  remote: https://rubygems.org/
  specs:
    google-protobuf (3.3.0)
    metaclass (0.0.4)
    minitest (5.8.4)
    mocha (1.1.0)
      metaclass (~> 0.0.1)
    rake (10.2.2)

PLATFORMS
  ruby

DEPENDENCIES
  minitest (= 5.8.4)
  mocha (= 1.1.0)
  rake (= 10.2.2)
  ssf!

BUNDLED WITH
   1.15.3
